GEM
  remote: https://rubygems.org/
  specs:
    backport (1.2.0)
    byebug (12.0.0)
    readapt (2.0.0)
      backport (~> 1.2)
      thor (~> 1.0)
    thor (1.3.2)

PLATFORMS
  arm64-darwin-24
  ruby

DEPENDENCIES
  byebug
  readapt

BUNDLED WITH
   2.6.2
